PATH
  remote: .
  specs:
    hyperledger-fabric-sdk (0.1.3)
      digest-sha3 (~> 1.1)
      faraday (~> 0.17)
      faraday_middleware (~> 0.13)
      grpc (~> 1.25)
      rainbow (~> 3.0)

GEM
  remote: https://rubygems.org/
  specs:
    digest-sha3 (1.1.0)
    faraday (0.17.0)
      multipart-post (>= 1.2, < 3)
    faraday_middleware (0.13.1)
      faraday (>= 0.7.4, < 1.0)
    google-protobuf (3.10.1-universal-darwin)
    googleapis-common-protos-types (1.0.4)
      google-protobuf (~> 3.0)
    grpc (1.25.0-universal-darwin)
      google-protobuf (~> 3.8)
      googleapis-common-protos-types (~> 1.0)
    multipart-post (2.1.1)
    rainbow (3.0.0)
    rake (10.5.0)

PLATFORMS
  ruby

DEPENDENCIES
  bundler (~> 2.0)
  hyperledger-fabric-sdk!
  rake (~> 10.0)

BUNDLED WITH
   2.0.2
