PATH
  remote: .
  specs:
    hyperledger-fabric-sdk (0.2.1)
      digest-sha3 (~> 1.1)
      faraday (~> 1.8)
      faraday_middleware (~> 1.1)
      google-protobuf (~> 3.10)
      grpc (~> 1.25)
      hashie (~> 4.0)

GEM
  remote: https://rubygems.org/
  specs:
    digest-sha3 (1.1.0)
    faraday (1.8.0)
      faraday-em_http (~> 1.0)
      faraday-em_synchrony (~> 1.0)
      faraday-excon (~> 1.1)
      faraday-httpclient (~> 1.0.1)
      faraday-net_http (~> 1.0)
      faraday-net_http_persistent (~> 1.1)
      faraday-patron (~> 1.0)
      faraday-rack (~> 1.0)
      multipart-post (>= 1.2, < 3)
      ruby2_keywords (>= 0.0.4)
    faraday-em_http (1.0.0)
    faraday-em_synchrony (1.0.0)
    faraday-excon (1.1.0)
    faraday-httpclient (1.0.1)
    faraday-net_http (1.0.1)
    faraday-net_http_persistent (1.2.0)
    faraday-patron (1.0.0)
    faraday-rack (1.0.0)
    faraday_middleware (1.1.0)
      faraday (~> 1.0)
    google-protobuf (3.18.0)
    googleapis-common-protos-types (1.2.0)
      google-protobuf (~> 3.14)
    grpc (1.41.0)
      google-protobuf (~> 3.17)
      googleapis-common-protos-types (~> 1.0)
    hashie (4.1.0)
    multipart-post (2.1.1)
    rake (10.5.0)
    ruby2_keywords (0.0.5)

PLATFORMS
  ruby

DEPENDENCIES
  bundler (~> 2.0)
  hyperledger-fabric-sdk!
  rake (~> 10.0)

BUNDLED WITH
   2.1.4
